GEM
  remote: http://rubygems.org/
  specs:
    diff-lcs (1.1.3)
    file_utils (1.0.6)
    gemcutter (0.7.1)
    gemspec_deps_gen (1.0.5)
      file_utils
    highline (1.6.15)
    metaclass (0.0.1)
    mocha (0.13.2)
      metaclass (~> 0.0.1)
    net-ssh (2.6.3)
    rspec (2.12.0)
      rspec-core (~> 2.12.0)
      rspec-expectations (~> 2.12.0)
      rspec-mocks (~> 2.12.0)
    rspec-core (2.12.2)
    rspec-expectations (2.12.1)
      diff-lcs (~> 1.1.3)
    rspec-mocks (2.12.2)
    script_executor (1.2.1)
      highline
      net-ssh

PLATFORMS
  ruby

DEPENDENCIES
  gemcutter
  gemspec_deps_gen
  mocha
  rspec
  script_executor
